PATH
  remote: .
  specs:
    kronic (0.1.1)
      activesupport
      i18n

GEM
  remote: http://rubygems.org/
  specs:
    activesupport (3.0.0)
    diff-lcs (1.1.2)
    i18n (0.4.1)
    rspec (2.0.0.beta.22)
      rspec-core (= 2.0.0.beta.22)
      rspec-expectations (= 2.0.0.beta.22)
      rspec-mocks (= 2.0.0.beta.22)
    rspec-core (2.0.0.beta.22)
    rspec-expectations (2.0.0.beta.22)
      diff-lcs (>= 1.1.2)
    rspec-mocks (2.0.0.beta.22)
      rspec-core (= 2.0.0.beta.22)
      rspec-expectations (= 2.0.0.beta.22)
    timecop (0.3.5)

PLATFORMS
  ruby

DEPENDENCIES
  activesupport
  i18n
  kronic!
  rspec (>= 2.0.0.beta.16)
  timecop
